GEM
  remote: http://rubygems.org/
  specs:
    aasm (2.0.5)
    actionmailer (2.3.4)
      actionpack (= 2.3.4)
    actionpack (2.3.4)
      activesupport (= 2.3.4)
      rack (~> 1.0.0)
    activemerchant (1.4.2)
      activesupport (>= 2.3.2)
      builder (>= 2.0.0)
    activerecord (2.3.4)
      activesupport (= 2.3.4)
    activeresource (2.3.4)
      activesupport (= 2.3.4)
    activesupport (2.3.4)
    adamhunter-contacts (1.1.21)
      gdata (>= 1.1.0)
      json (>= 0.4.1)
    aws-s3 (0.6.2)
      builder
      mime-types
      xml-simple
    bitly (0.3.1)
      crack (>= 0.1.1)
    builder (2.1.2)
    chronic (0.2.3)
      hoe (>= 1.2.1)
    contacts (1.0.16)
      json (>= 0.4.1)
    crack (0.1.8)
    doc_raptor (0.1.1)
      httparty (>= 0.4.3)
    echoe (3.2)
      highline
      rubyforge (>= 1.0.2)
    exceptional (2.0.6)
    facebooker (1.0.48)
      json (>= 1.0.0)
    factory_girl (1.2.0)
    gdata (1.1.0)
    geokit (1.4.1)
    google_analytics (1.1.5)
      actionpack
      activesupport
    haml (2.2.3)
    has_many_polymorphs (2.13)
      activerecord
    highline (1.5.1)
    hoe (2.3.3)
      rake (>= 0.8.7)
      rubyforge (>= 1.0.4)
    httparty (0.4.3)
      crack (>= 0.1.1)
    icalendar (1.1.0)
    json (1.1.3)
    json_pure (1.1.9)
    mash (0.0.3)
      hoe (>= 1.5.1)
    mime-types (1.16)
    myspaceid-sdk (0.1.11)
      json
      oauth
      ruby-openid
    mysql (2.7)
    oauth (0.3.6)
      ruby-hmac (>= 0.3.1)
    oauth-plugin (0.3.14)
      oauth (>= 0.3.5)
    rabl (0.2.8)
    rack (1.0.1)
    rails (2.3.4)
      actionmailer (= 2.3.4)
      actionpack (= 2.3.4)
      activerecord (= 2.3.4)
      activeresource (= 2.3.4)
      activesupport (= 2.3.4)
      rake (>= 0.8.3)
    rake (0.8.7)
    rmagick (2.12.2)
    ruby-debug (0.9.3)
      ruby-debug-base (= 0.9.3)
    ruby-debug-base (0.9.3)
    ruby-hmac (0.3.2)
    ruby-openid (2.1.7)
    rubyforge (2.0.3)
      json_pure (>= 1.1.7)
    twitter (0.6.15)
      httparty (= 0.4.3)
      mash (= 0.0.3)
      oauth (>= 0.3.5)
    whenever (0.3.7)
      chronic (>= 0.2.3)
    xml-simple (1.0.12)

PLATFORMS
  ruby

DEPENDENCIES
  aasm (= 2.0.5)
  actionpack (= 2.3.4)
  activemerchant (= 1.4.2)
  activerecord (= 2.3.4)
  activesupport (= 2.3.4)
  adamhunter-contacts (= 1.1.21)
  aws-s3 (= 0.6.2)
  bitly (= 0.3.1)
  builder (= 2.1.2)
  chronic (= 0.2.3)
  contacts (= 1.0.16)
  crack (= 0.1.8)
  doc_raptor (= 0.1.1)
  echoe (= 3.2)
  exceptional (= 2.0.6)
  facebooker (= 1.0.48)
  factory_girl (= 1.2.0)
  gdata (= 1.1.0)
  geokit (= 1.4.1)
  google_analytics (= 1.1.5)
  haml (= 2.2.3)
  has_many_polymorphs (= 2.13)
  highline (= 1.5.1)
  hoe (= 2.3.3)
  httparty (= 0.4.3)
  icalendar (= 1.1.0)
  json (= 1.1.3)
  json_pure (= 1.1.9)
  mash (= 0.0.3)
  mime-types (= 1.16)
  myspaceid-sdk (= 0.1.11)
  mysql (= 2.7)
  oauth (= 0.3.6)
  oauth-plugin
  rabl (= 0.2.8)
  rails (= 2.3.4)
  rake (= 0.8.7)
  rmagick (= 2.12.2)
  ruby-debug (= 0.9.3)
  ruby-hmac (= 0.3.2)
  ruby-openid (= 2.1.7)
  rubyforge (= 2.0.3)
  twitter (= 0.6.15)
  whenever (= 0.3.7)
  xml-simple (= 1.0.12)
